GEM
  remote: https://rubygems.org/
  specs:
    oauth (0.5.3)

PLATFORMS
  ruby

DEPENDENCIES
  oauth

BUNDLED WITH
   1.15.3
